GEM
  remote: https://rubygems.org/
  specs:
    rack (1.5.2)
    rack-zippy (1.0.1)

PLATFORMS
  ruby

DEPENDENCIES
  rack
  rack-zippy
